GIT
  remote: git://github.com/hotsh/redfinger.git
  revision: b73861b87c7d0bd8d3669c49134a5d416f5ac9f3
  specs:
    redfinger (0.1.1)
      hashie
      nokogiri (>= 1.4.0)
      rest-client (>= 1.5.0)

GIT
  remote: git://github.com/rails/actionpack-action_caching.git
  revision: 7f73ed137614c9cadd4c28494c28ad692f7151cd
  specs:
    actionpack-action_caching (0.0.1)
      actionpack (>= 4.0.0.beta, < 5.0)

GIT
  remote: git://github.com/rails/actionpack-page_caching.git
  revision: 01b98bcbe65e05093d1ec2d8512b925e1b52985c
  specs:
    actionpack-page_caching (0.0.1)
      actionpack (>= 4.0.0.beta, < 5.0)

GIT
  remote: git://github.com/rails/activeresource.git
  revision: 08baa3b0c2dd9e6ebf0d1d62bbaa495d029d2f28
  specs:
    activeresource (4.0.0.beta)
      activemodel (~> 4.0.0.beta)
      activesupport (~> 4.0.0.beta)

GIT
  remote: git://github.com/rails/coffee-rails.git
  revision: 052634e6d02d4800d7b021201cc8d5829775b3cd
  specs:
    coffee-rails (4.0.0.beta)
      coffee-script (>= 2.2.0)
      railties (>= 4.0.0.beta, < 5.0)

GIT
  remote: git://github.com/rails/journey.git
  revision: e64274443f8420df2518cf2206a2c640d9d8e196
  specs:
    journey (2.0.0.20120723141804)

GIT
  remote: git://github.com/rails/protected_attributes.git
  revision: 369818eedeaaafc5c1609ec6a274d35979ba977b
  specs:
    protected_attributes (0.0.1)
      activemodel (>= 4.0.0.beta, < 5.0)

GIT
  remote: git://github.com/rails/rails-observers.git
  revision: d80f56f6e075f8d4987c275524b1b142a31d428b
  specs:
    rails-observers (0.1.1)

GIT
  remote: git://github.com/rails/rails.git
  revision: 5e4fb4da83c9ac2d986ed3813ea18c9eb6ddfc99
  specs:
    actionmailer (4.0.0.beta)
      actionpack (= 4.0.0.beta)
      mail (~> 2.5.3)
    actionpack (4.0.0.beta)
      activesupport (= 4.0.0.beta)
      builder (~> 3.1.0)
      erubis (~> 2.7.0)
      rack (~> 1.4.3)
      rack-test (~> 0.6.1)
    activemodel (4.0.0.beta)
      activesupport (= 4.0.0.beta)
      builder (~> 3.1.0)
    activerecord (4.0.0.beta)
      activemodel (= 4.0.0.beta)
      activerecord-deprecated_finders (= 0.0.2)
      activesupport (= 4.0.0.beta)
      arel (~> 3.0.2)
    activesupport (4.0.0.beta)
      i18n (~> 0.6)
      minitest (~> 4.1)
      multi_json (~> 1.3)
      thread_safe (~> 0.1)
      tzinfo (~> 0.3.33)
    rails (4.0.0.beta)
      actionmailer (= 4.0.0.beta)
      actionpack (= 4.0.0.beta)
      activerecord (= 4.0.0.beta)
      activesupport (= 4.0.0.beta)
      bundler (>= 1.2.2, < 2.0)
      railties (= 4.0.0.beta)
      sprockets-rails (~> 2.0.0.rc1)
    railties (4.0.0.beta)
      actionpack (= 4.0.0.beta)
      activesupport (= 4.0.0.beta)
      rake (>= 0.8.7)
      rdoc (~> 3.4)
      thor (>= 0.15.4, < 2.0)

GIT
  remote: git://github.com/rails/sass-rails.git
  revision: ae8138a89cac397c0df903dd533e2862902ce8f5
  specs:
    sass-rails (4.0.0.beta)
      railties (>= 4.0.0.beta, < 5.0)
      sass (>= 3.1.10)
      sprockets-rails (~> 2.0.0.rc0)
      tilt (~> 1.3)

GIT
  remote: git://github.com/rtomayko/rocco.git
  revision: 727c510d635ba3b6fcf18caf3b0f89e16ef7e8f3
  specs:
    rocco (0.8.2)
      mustache
      redcarpet (~> 1.17)

PATH
  remote: ~/Ruby/mongomapper
  specs:
    mongo_mapper (0.12.0)
      activemodel (>= 3.0)
      activesupport (>= 3.0)
      mongo (~> 1.8.0)
      plucky (~> 0.6.2)

GEM
  remote: http://rubygems.org/
  specs:
    activerecord-deprecated_finders (0.0.2)
    addressable (2.2.8)
    airbrake (3.0.9)
      activesupport
      builder
    arel (3.0.2)
    atomic (1.0.1)
    bcrypt-ruby (3.0.1)
    bson (1.8.2)
    bson_ext (1.8.2)
      bson (~> 1.8.2)
    builder (3.1.4)
    capybara (1.1.4)
      mime-types (>= 1.16)
      nokogiri (>= 1.3.3)
      rack (>= 1.0.0)
      rack-test (>= 0.5.4)
      selenium-webdriver (~> 2.0)
      xpath (~> 0.1.4)
    childprocess (0.3.6)
      ffi (~> 1.0, >= 1.0.6)
    chunky_png (1.2.6)
    coffee-script (2.2.0)
      coffee-script-source
      execjs
    coffee-script-source (1.4.0)
    compass (0.12.2)
      chunky_png (~> 1.2)
      fssm (>= 0.2.7)
      sass (~> 3.1)
    compass-rails (1.0.3)
      compass (>= 0.12.2, < 0.14)
    crack (0.3.1)
    daemons (1.1.9)
    database_cleaner (0.6.7)
    draper (0.11.1)
      activesupport (>= 2.3.10)
    erubis (2.7.0)
    eventmachine (1.0.0)
    exceptional (2.0.33)
      rack
    execjs (1.4.0)
      multi_json (~> 1.0)
    fabrication (1.2.0)
    faraday (0.8.4)
      multipart-post (~> 1.1)
    ffi (1.2.0)
    fssm (0.2.9)
    haml (3.1.7)
    haml-rails (0.3.5)
      actionpack (>= 3.1, < 4.1)
      activesupport (>= 3.1, < 4.1)
      haml (~> 3.1)
      railties (>= 3.1, < 4.1)
    hashie (1.2.0)
    hashr (0.0.22)
    hike (1.2.1)
    i18n (0.6.1)
    jquery-rails (2.1.4)
      railties (>= 3.0, < 5.0)
      thor (>= 0.14, < 2.0)
    jquery-ui-rails (2.0.2)
      jquery-rails
      railties (>= 3.1.0)
    json (1.7.6)
    kgio (2.7.4)
    launchy (2.0.5)
      addressable (~> 2.2.6)
    libv8 (3.3.10.4)
    libwebsocket (0.1.7.1)
      addressable
      websocket
    libxml-ruby (2.3.3)
    mail (2.5.3)
      i18n (>= 0.4.0)
      mime-types (~> 1.16)
      treetop (~> 1.4.8)
    metaclass (0.0.1)
    mime-types (1.19)
    minitest (4.2.0)
    mocha (0.13.1)
      metaclass (~> 0.0.1)
    mongo (1.8.2)
      bson (~> 1.8.2)
    multi_json (1.5.0)
    multipart-post (1.1.5)
    mustache (0.99.4)
    nokogiri (1.5.6)
    oauth (0.4.7)
    omniauth (1.1.1)
      hashie (~> 1.2)
      rack
    omniauth-oauth (1.0.1)
      oauth
      omniauth (~> 1.0)
    omniauth-twitter (0.0.14)
      multi_json (~> 1.3)
      omniauth-oauth (~> 1.0)
    opub (0.0.1)
    ostatus (0.0.12)
      ratom (~> 0.7.0)
    osub (0.0.7)
      ostatus
      ruby-hmac
    plucky (0.6.2)
      mongo (~> 1.5)
    polyglot (0.3.3)
    pony (1.4)
      mail (> 2.0)
    pygmentize (0.0.3)
    rack (1.4.4)
    rack-test (0.6.2)
      rack (>= 1.0)
    rails4_upgrade (0.0.3)
      bundler (>= 1.2.2)
      terminal-table (>= 1.4.5)
    raindrops (0.10.0)
    rake (10.0.3)
    ratom (0.7.2)
      libxml-ruby (~> 2.3.2)
    rdiscount (1.6.8)
    rdoc (3.12)
      json (~> 1.4)
    redcarpet (1.17.2)
    rest-client (1.6.7)
      mime-types (>= 1.16)
    rsa (0.1.4)
    ruby-hmac (0.4.0)
    rubyzip (0.9.9)
    sass (3.1.21)
    selenium-webdriver (2.27.2)
      childprocess (>= 0.2.5)
      libwebsocket (~> 0.1.3)
      multi_json (~> 1.0)
      rubyzip
    show_me_the_cookies (1.1.3)
      capybara (~> 1.0)
    simple_oauth (0.1.9)
    simplecov (0.4.2)
      simplecov-html (~> 0.4.4)
    simplecov-html (0.4.5)
    sprockets (2.8.2)
      hike (~> 1.2)
      multi_json (~> 1.0)
      rack (~> 1.0)
      tilt (~> 1.1, != 1.3.0)
    sprockets-rails (2.0.0.rc1)
      actionpack (>= 3.0)
      activesupport (>= 3.0)
      sprockets (~> 2.8)
    terminal-table (1.4.5)
    therubyracer (0.9.10)
      libv8 (~> 3.3.10)
    thin (1.5.0)
      daemons (>= 1.0.9)
      eventmachine (>= 0.12.6)
      rack (>= 1.0.0)
    thor (0.16.0)
    thread_safe (0.1.0)
      atomic
    tilt (1.3.3)
    tire (0.4.3)
      activemodel (>= 3.0)
      hashr (~> 0.0.19)
      multi_json (~> 1.0)
      rake
      rest-client (~> 1.6)
    treetop (1.4.12)
      polyglot
      polyglot (>= 0.3.1)
    twitter (3.5.0)
      faraday (~> 0.8)
      multi_json (~> 1.3)
      simple_oauth (~> 0.1.6)
    tzinfo (0.3.35)
    uglifier (1.0.4)
      execjs (>= 0.3.0)
      multi_json (>= 1.0.2)
    unicorn (4.0.1)
      kgio (~> 2.4)
      rack
      raindrops (~> 0.6)
    vcr (1.10.3)
    webmock (1.6.4)
      addressable (~> 2.2, > 2.2.5)
      crack (>= 0.1.7)
    websocket (1.0.6)
    xpath (0.1.4)
      nokogiri (~> 1.3)

PLATFORMS
  ruby

DEPENDENCIES
  actionpack-action_caching!
  actionpack-page_caching!
  activeresource!
  airbrake (~> 3.0.9)
  bcrypt-ruby (~> 3.0.0)
  bson (~> 1.8.0)
  bson_ext (~> 1.8.0)
  capybara (~> 1.1.2)
  coffee-rails!
  compass-rails (~> 1.0.3)
  database_cleaner (~> 0.6.7)
  draper (~> 0.11.1)
  exceptional (~> 2.0.32)
  fabrication (~> 1.2.0)
  haml (~> 3.1.4)
  haml-rails (~> 0.3.4)
  i18n (~> 0.6.0)
  journey!
  jquery-rails (~> 2.1.4)
  jquery-ui-rails (~> 2.0.0)
  launchy (~> 2.0.5)
  minitest (~> 4.2.0)
  mocha (~> 0.13.0)
  mongo (~> 1.8.0)
  mongo_mapper!
  nokogiri (~> 1.5.0)
  omniauth (~> 1.1.0)
  omniauth-twitter (~> 0.0.12)
  opub (~> 0.0.1)
  ostatus (~> 0.0.12)
  osub (~> 0.0.6)
  pony (~> 1.3)
  protected_attributes!
  pygmentize (~> 0.0.3)
  rails!
  rails-observers!
  rails4_upgrade
  ratom (~> 0.7.2)
  rdiscount (~> 1.6.8)
  redfinger!
  rocco!
  rsa (~> 0.1.4)
  sass (~> 3.1.10)
  sass-rails!
  show_me_the_cookies (~> 1.1.0)
  simplecov (~> 0.4.0)
  therubyracer (~> 0.9.9)
  thin (~> 1.5.0)
  tire (~> 0.4.1)
  twitter (~> 3.5.0)
  tzinfo (~> 0.3.29)
  uglifier (~> 1.0.0)
  unicorn (~> 4.0.1)
  vcr (~> 1.10.3)
  webmock (~> 1.6.4)
